GEM
  remote: https://rubygems.org/
  remote: https://rails-assets.org/
  specs:
    activesupport (4.2.6)
      i18n (~> 0.7)
      json (~> 1.7, >= 1.7.7)
      minitest (~> 5.1)
      thread_safe (~> 0.3, >= 0.3.4)
      tzinfo (~> 1.1)
    addressable (2.4.0)
    bcrypt (3.1.11)
    better_errors (2.1.1)
      coderay (>= 1.0.0)
      erubis (>= 2.6.6)
      rack (>= 0.9.0)
    binding_of_caller (0.7.2)
      debug_inspector (>= 0.0.1)
    builder (3.2.2)
    capybara (2.7.0)
      addressable
      mime-types (>= 1.16)
      nokogiri (>= 1.3.3)
      rack (>= 1.0.0)
      rack-test (>= 0.5.4)
      xpath (~> 2.0)
    childprocess (0.5.9)
      ffi (~> 1.0, >= 1.0.11)
    coderay (1.1.1)
    coffee-script (2.4.1)
      coffee-script-source
      execjs
    coffee-script-source (1.10.0)
    concurrent-ruby (1.0.1)
    cucumber (2.3.3)
      builder (>= 2.1.2)
      cucumber-core (~> 1.4.0)
      cucumber-wire (~> 0.0.1)
      diff-lcs (>= 1.1.3)
      gherkin (~> 3.2.0)
      multi_json (>= 1.7.5, < 2.0)
      multi_test (>= 0.1.2)
    cucumber-core (1.4.0)
      gherkin (~> 3.2.0)
    cucumber-wire (0.0.1)
    debug_inspector (0.0.2)
    diff-lcs (1.2.5)
    domain_name (0.5.20160310)
      unf (>= 0.0.5, < 1.0.0)
    enumerable-lazy (0.0.1)
    erubis (2.7.0)
    execjs (2.6.0)
    ffi (1.9.10)
    gherkin (3.2.0)
    http-cookie (1.0.2)
      domain_name (~> 0.5)
    i18n (0.7.0)
    json (1.8.3)
    liquid (3.0.6)
    mail (2.6.4)
      mime-types (>= 1.16, < 4)
    metaclass (0.0.4)
    mime-types (2.99.1)
    mini_portile2 (2.0.0)
    minitest (5.8.4)
    mocha (1.1.0)
      metaclass (~> 0.0.1)
    moneta (0.7.20)
    multi_json (1.11.3)
    multi_test (0.1.2)
    mustermann19 (0.4.3)
      enumerable-lazy
    mysql2 (0.4.4)
    netrc (0.11.0)
    nokogiri (1.6.7.2)
      mini_portile2 (~> 2.0.0.rc2)
    oj (2.15.0)
    padrino (0.13.1)
      padrino-admin (= 0.13.1)
      padrino-cache (= 0.13.1)
      padrino-core (= 0.13.1)
      padrino-gen (= 0.13.1)
      padrino-helpers (= 0.13.1)
      padrino-mailer (= 0.13.1)
      padrino-support (= 0.13.1)
    padrino-admin (0.13.1)
      padrino-core (= 0.13.1)
      padrino-helpers (= 0.13.1)
    padrino-cache (0.13.1)
      moneta (~> 0.7.0)
      padrino-core (= 0.13.1)
      padrino-helpers (= 0.13.1)
    padrino-core (0.13.1)
      activesupport (>= 3.1)
      mustermann19
      padrino-support (= 0.13.1)
      rack-protection (>= 1.5.0)
      sinatra (~> 1.4.6)
      thor (~> 0.18)
    padrino-gen (0.13.1)
      bundler (~> 1.0)
      padrino-core (= 0.13.1)
    padrino-helpers (0.13.1)
      i18n (~> 0.6, >= 0.6.7)
      padrino-support (= 0.13.1)
      tilt (~> 1.4.1)
    padrino-mailer (0.13.1)
      mail (~> 2.5)
      padrino-core (= 0.13.1)
    padrino-support (0.13.1)
      activesupport (>= 3.1)
    rack (1.6.4)
    rack-parser (0.7.0)
      rack
    rack-protection (1.5.3)
      rack
    rack-test (0.6.3)
      rack (>= 1.0)
    rake (11.1.2)
    rest-client (1.8.0)
      http-cookie (>= 1.0.2, < 2.0)
      mime-types (>= 1.16, < 3.0)
      netrc (~> 0.7)
    rspec (3.4.0)
      rspec-core (~> 3.4.0)
      rspec-expectations (~> 3.4.0)
      rspec-mocks (~> 3.4.0)
    rspec-core (3.4.4)
      rspec-support (~> 3.4.0)
    rspec-expectations (3.4.0)
      diff-lcs (>= 1.2.0, < 2.0)
      rspec-support (~> 3.4.0)
    rspec-mocks (3.4.1)
      diff-lcs (>= 1.2.0, < 2.0)
      rspec-support (~> 3.4.0)
    rspec-support (3.4.1)
    rubyzip (1.2.0)
    rufus-scheduler (3.2.0)
    sass (3.4.22)
    selenium-webdriver (2.53.0)
      childprocess (~> 0.5)
      rubyzip (~> 1.0)
      websocket (~> 1.0)
    sequel (4.33.0)
    sinatra (1.4.7)
      rack (~> 1.5)
      rack-protection (~> 1.4)
      tilt (>= 1.3, < 3)
    sprockets (3.6.0)
      concurrent-ruby (~> 1.0)
      rack (> 1, < 3)
    sqlite3 (1.3.11)
    thor (0.19.1)
    thread_safe (0.3.5)
    tilt (1.4.1)
    tzinfo (1.2.2)
      thread_safe (~> 0.1)
    unf (0.1.4)
      unf_ext
    unf_ext (0.0.7.2)
    websocket (1.2.3)
    xpath (2.0.0)
      nokogiri (~> 1.3)

PLATFORMS
  ruby

DEPENDENCIES
  bcrypt
  better_errors
  binding_of_caller
  capybara
  coffee-script
  cucumber
  erubis
  liquid
  mail
  mocha
  multi_json
  mysql2
  oj
  padrino (= 0.13.1)
  rack-parser
  rack-test
  rake
  rest-client
  rspec
  rufus-scheduler
  sass
  selenium-webdriver
  sequel
  sprockets
  sqlite3

BUNDLED WITH
   1.11.2
